GEM
  remote: http://rubygems.org/
  specs:
    coffee-script (2.2.0)
      coffee-script-source
      execjs
    coffee-script-source (1.3.3)
    execjs (1.4.0)
      multi_json (~> 1.0)
    ffi (1.0.11)
    growl (1.0.3)
    guard (1.0.3)
      ffi (>= 0.5.0)
      thor (>= 0.14.6)
    guard-coffeescript (0.6.0)
      coffee-script (>= 2.2.0)
      guard (>= 0.8.3)
    inifile (1.1.0)
    libv8 (3.3.10.4)
    multi_json (1.3.5)
    rake (0.9.2)
    therubyracer (0.10.1)
      libv8 (~> 3.3.10)
    thor (0.15.2)

PLATFORMS
  ruby

DEPENDENCIES
  coffee-script
  growl
  guard
  guard-coffeescript
  inifile
  rake
  therubyracer
